GEM
  remote: https://rubygems.org/
  specs:
    colored (1.2)
    columnize (0.8.9)
    command_line_reporter (3.3.1)
      colored (>= 1.2)
    debugger (1.6.6)
      columnize (>= 0.3.1)
      debugger-linecache (~> 1.2.0)
      debugger-ruby_core_source (~> 1.3.2)
    debugger-linecache (1.2.0)
    debugger-ruby_core_source (1.3.2)
    git (1.2.6)
    rainbow (2.0.0)
    thor (0.19.1)

PLATFORMS
  ruby

DEPENDENCIES
  command_line_reporter
  debugger
  git
  rainbow
  thor
